GEM
  remote: https://rubygems.org/
  specs:
    backports (3.6.4)
    json (1.8.2)
    multi_json (1.10.1)
    netrc (0.7.9)
    rack (1.6.0)
    rack-protection (1.5.3)
      rack
    rack-test (0.6.3)
      rack (>= 1.0)
    rest_client (1.7.2)
      netrc (~> 0.7.7)
    sinatra (1.4.5)
      rack (~> 1.4)
      rack-protection (~> 1.4)
      tilt (~> 1.3, >= 1.3.4)
    sinatra-contrib (1.4.2)
      backports (>= 2.0)
      multi_json
      rack-protection
      rack-test
      sinatra (~> 1.4.0)
      tilt (~> 1.3)
    tilt (1.4.1)

PLATFORMS
  ruby

DEPENDENCIES
  json (= 1.8.2)
  rest_client (= 1.7.2)
  sinatra (= 1.4.5)
  sinatra-contrib (= 1.4.2)
